GEM
  remote: https://rubygems.org/
  specs:
    coderay (1.1.1)
    excon (0.48.0)
    jeff (1.5.1)
      excon (>= 0.22.1)
    method_source (0.8.2)
    multi_xml (0.5.5)
    peddler (1.3.0)
      jeff (~> 1.3)
      multi_xml (~> 0.5.0)
    pry (0.10.3)
      coderay (~> 1.1.0)
      method_source (~> 0.8.1)
      slop (~> 3.4)
    rack (1.6.4)
    slop (3.6.0)

PLATFORMS
  ruby

DEPENDENCIES
  peddler
  pry
  rack

BUNDLED WITH
   1.11.2
